PATH
  remote: .
  specs:
    docrb-html (0.2.0)
      nokogiri (~> 1.14)
      sassc
      tilt

GEM
  remote: https://rubygems.org/
  specs:
    byebug (11.1.3)
    ffi (1.15.5)
    nokogiri (1.14.2-arm64-darwin)
      racc (~> 1.4)
    racc (1.6.2)
    sassc (2.4.0)
      ffi (~> 1.9)
    tilt (2.0.11)

PLATFORMS
  arm64-darwin-22
  x86_64-darwin-22

DEPENDENCIES
  byebug (~> 11.1)
  docrb-html!

BUNDLED WITH
   2.4.2
